PATH
  remote: .
  specs:
    closeio (3.12.0)
      faraday (~> 2)
      json

GEM
  remote: https://rubygems.org/
  specs:
    addressable (2.8.3)
      public_suffix (>= 2.0.2, < 6.0)
    crack (0.4.5)
      rexml
    faraday (2.7.4)
      faraday-net_http (>= 2.0, < 3.1)
      ruby2_keywords (>= 0.0.4)
    faraday-net_http (3.0.2)
    hashdiff (1.0.1)
    json (2.6.3)
    minitest (5.18.0)
    public_suffix (5.0.1)
    rake (13.0.6)
    rexml (3.2.5)
    ruby2_keywords (0.0.5)
    vcr (6.1.0)
    webmock (3.18.1)
      addressable (>= 2.8.0)
      crack (>= 0.3.2)
      hashdiff (>= 0.4.0, < 2.0.0)

PLATFORMS
  ruby

DEPENDENCIES
  bundler
  closeio!
  minitest
  rake
  vcr
  webmock

BUNDLED WITH
   2.4.10
